GEM
  remote: http://rubygems.org/
  specs:
    addressable (2.2.8)
    dm-core (1.2.0)
      addressable (~> 2.2.6)
    haml (3.1.6)
    kgio (2.7.4)
    open4 (1.3.0)
    rack (1.4.1)
    rack-protection (1.2.0)
      rack
    raindrops (0.9.0)
    rake (0.9.2.2)
    rake-remote_task (2.0.6)
      open4 (~> 1.0)
      rake (~> 0.8)
    sinatra (1.3.2)
      rack (~> 1.3, >= 1.3.6)
      rack-protection (~> 1.2)
      tilt (~> 1.3, >= 1.3.3)
    tilt (1.3.3)
    unicorn (4.3.1)
      kgio (~> 2.6)
      rack
      raindrops (~> 0.7)
    vlad (2.2.5)
      rake (~> 0.8)
      rake-remote_task (~> 2.0)
    vlad-git (2.2.0)
      vlad (>= 2.1.0)

PLATFORMS
  ruby

DEPENDENCIES
  dm-core
  haml
  sinatra
  unicorn
  vlad
  vlad-git
